GEM
  remote: http://rubygems.org/
  specs:
    actionmailer (2.3.6)
      actionpack (= 2.3.6)
    actionpack (2.3.6)
      activesupport (= 2.3.6)
      rack (~> 1.1.0)
    activerecord (2.3.6)
      activesupport (= 2.3.6)
    activeresource (2.3.6)
      activesupport (= 2.3.6)
    activesupport (2.3.6)
    builder (2.1.2)
    cucumber (0.9.4)
      builder (~> 2.1.2)
      diff-lcs (~> 1.1.2)
      gherkin (~> 2.2.9)
      json (~> 1.4.6)
      term-ansicolor (~> 1.0.5)
    cucumber-rails (0.3.2)
      cucumber (>= 0.8.0)
    database_cleaner (0.5.0)
    diff-lcs (1.1.2)
    factory_girl (1.3.2)
    gherkin (2.2.9)
      json (~> 1.4.6)
      term-ansicolor (~> 1.0.5)
    json (1.4.6)
    nokogiri (1.4.3.1)
    rack (1.1.0)
    rack-test (0.5.4)
      rack (>= 1.0)
    rails (2.3.6)
      actionmailer (= 2.3.6)
      actionpack (= 2.3.6)
      activerecord (= 2.3.6)
      activeresource (= 2.3.6)
      activesupport (= 2.3.6)
      rake (>= 0.8.3)
    rake (0.8.7)
    rspec (1.3.0)
    rspec-rails (1.3.2)
      rack (>= 1.0.0)
      rspec (>= 1.3.0)
    term-ansicolor (1.0.5)
    webrat (0.7.1)
      nokogiri (>= 1.2.0)
      rack (>= 1.0)
      rack-test (>= 0.5.3)

PLATFORMS
  ruby

DEPENDENCIES
  cucumber-rails (= 0.3.2)
  database_cleaner (= 0.5.0)
  diff-lcs
  factory_girl
  gherkin (= 2.2.9)
  rails (= 2.3.6)
  rspec (= 1.3.0)
  rspec-rails (= 1.3.2)
  webrat (= 0.7.1)
